GEM
  remote: https://rubygems.org/
  specs:
    ruby-ldap (0.9.16)

PLATFORMS
  ruby

DEPENDENCIES
  ruby-ldap
