GEM
  remote: https://rubygems.org/
  specs:
    activeldap (4.0.4)
      activemodel (> 4.0.0)
      gettext
      gettext_i18n_rails
      locale
    activemodel (4.1.6)
      activesupport (= 4.1.6)
      builder (~> 3.1)
    activesupport (4.1.6)
      i18n (~> 0.6, >= 0.6.9)
      json (~> 1.7, >= 1.7.7)
      minitest (~> 5.1)
      thread_safe (~> 0.1)
      tzinfo (~> 1.1)
    builder (3.2.2)
    fast_gettext (0.9.0)
    gettext (3.1.4)
      locale (>= 2.0.5)
      text
    gettext_i18n_rails (1.1.0)
      fast_gettext (>= 0.9.0)
    i18n (0.6.11)
    json (1.8.1)
    locale (2.1.0)
    minitest (5.4.2)
    ruby-ldap (0.9.16)
    text (1.3.0)
    thread_safe (0.3.4)
    tzinfo (1.2.2)
      thread_safe (~> 0.1)

PLATFORMS
  ruby

DEPENDENCIES
  activeldap
  ruby-ldap
