GEM
  remote: https://rubygems.org/
  specs:
    activeldap (4.0.4)
      activemodel (> 4.0.0)
      gettext
      gettext_i18n_rails
      locale
    activemodel (4.2.0)
      activesupport (= 4.2.0)
      builder (~> 3.1)
    activesupport (4.2.0)
      i18n (~> 0.7)
      json (~> 1.7, >= 1.7.7)
      minitest (~> 5.1)
      thread_safe (~> 0.3, >= 0.3.4)
      tzinfo (~> 1.1)
    builder (3.2.2)
    fast_gettext (0.9.2)
    gettext (3.1.6)
      locale (>= 2.0.5)
      text (>= 1.3.0)
    gettext_i18n_rails (1.2.0)
      fast_gettext (>= 0.9.0)
    i18n (0.7.0)
    json (1.8.2)
    locale (2.1.0)
    minitest (5.5.1)
    ruby-ldap (0.9.16)
    ruby-ole (1.2.11.8)
    spreadsheet (1.0.3)
      ruby-ole (>= 1.0)
    text (1.3.0)
    thread_safe (0.3.4)
    tzinfo (1.2.2)
      thread_safe (~> 0.1)

PLATFORMS
  ruby

DEPENDENCIES
  activeldap
  ruby-ldap
  spreadsheet
